GIT
  remote: https://github.com/karagenit/github-upstream
  revision: d2d024345fdb4596297a838b05e6b25b167db488
  tag: v1.1.0
  specs:
    upstream (1.1.0)
      json (~> 2.1)

GEM
  remote: https://rubygems.org/
  specs:
    json (2.1.0)

PLATFORMS
  ruby

DEPENDENCIES
  upstream!

BUNDLED WITH
   1.15.1
