GIT
  remote: https://github.com/karagenit/github-upstream
  revision: c04b793d515a08657a1d05c75f5dac1bc78da5f8
  tag: v1.1.3
  specs:
    upstream (1.1.3)
      json (~> 2.1)

PATH
  remote: .
  specs:
    github-fastforward (0.0.0)

GEM
  remote: https://rubygems.org/
  specs:
    json (2.1.0)
    rake (12.0.0)

PLATFORMS
  ruby

DEPENDENCIES
  bundler (~> 1.15)
  github-fastforward!
  rake (~> 12.0)
  upstream!

BUNDLED WITH
   1.15.1
